GIT
  remote: git://github.com/genya0407/rakyll.git
  revision: 3e944881ae9b8adf7d117bbc7f9dfcba059502a4
  specs:
    rakyll (0.1.1)
      redcarpet (~> 3.4)
      yaml-front-matter (~> 0.0.1)

GEM
  remote: https://rubygems.org/
  specs:
    activesupport (5.1.1)
      concurrent-ruby (~> 1.0, >= 1.0.2)
      i18n (~> 0.7)
      minitest (~> 5.1)
      tzinfo (~> 1.1)
    bitballoon (0.2.4)
      highline
      oauth2 (>= 0.9.2)
      slop
    concurrent-ruby (1.0.5)
    faraday (0.12.1)
      multipart-post (>= 1.2, < 3)
    faraday_middleware (0.11.0.1)
      faraday (>= 0.7.4, < 1.0)
    filewatcher (0.5.4)
      trollop (~> 2.0)
    highline (1.7.10)
    i18n (0.8.4)
    jwt (1.5.6)
    minitest (5.10.2)
    multi_json (1.13.1)
    multi_xml (0.6.0)
    multipart-post (2.0.0)
    oauth2 (1.4.0)
      faraday (>= 0.8, < 0.13)
      jwt (~> 1.0)
      multi_json (~> 1.3)
      multi_xml (~> 0.5)
      rack (>= 1.2, < 3)
    qiita (1.3.5)
      activesupport
      faraday (~> 0.9)
      faraday_middleware
      rack
      rainbow
      rouge
      slop (< 4.0.0)
    rack (2.0.3)
    rainbow (2.2.2)
      rake
    rake (12.0.0)
    redcarpet (3.4.0)
    rouge (2.0.7)
    slop (3.6.0)
    thread_safe (0.3.6)
    trollop (2.1.2)
    tzinfo (1.2.3)
      thread_safe (~> 0.1)
    yaml-front-matter (0.0.1)

PLATFORMS
  ruby

DEPENDENCIES
  bitballoon
  filewatcher
  qiita
  rakyll!

BUNDLED WITH
   1.16.0.pre.3
