GIT
  remote: git://github.com/genya0407/rakyll.git
  revision: e16c08d3065ea08f2d2c7071d893290d827b3409
  ref: e16c08d3065ea08f2d2c7071d893290d827b3409
  specs:
    rakyll (0.1.1)
      redcarpet (~> 3.4)
      yaml-front-matter (~> 0.0.1)

GEM
  remote: https://rubygems.org/
  specs:
    activesupport (5.2.0)
      concurrent-ruby (~> 1.0, >= 1.0.2)
      i18n (>= 0.7, < 2)
      minitest (~> 5.1)
      tzinfo (~> 1.1)
    bitballoon (0.2.6)
      highline (~> 1.6.21)
      oauth2 (~> 0.9.2)
      slop (~> 3.6.0)
    concurrent-ruby (1.0.5)
    faraday (0.15.2)
      multipart-post (>= 1.2, < 3)
    faraday_middleware (0.12.2)
      faraday (>= 0.7.4, < 1.0)
    filewatcher (1.0.1)
      trollop (~> 2.1, >= 2.1.2)
    highline (1.6.21)
    httpauth (0.2.1)
    i18n (1.0.1)
      concurrent-ruby (~> 1.0)
    jwt (0.1.13)
      multi_json (>= 1.5)
    minitest (5.11.3)
    multi_json (1.13.1)
    multi_xml (0.6.0)
    multipart-post (2.0.0)
    oauth2 (0.9.2)
      faraday (~> 0.8)
      httpauth (~> 0.2)
      jwt (~> 0.1.4)
      multi_json (~> 1.0)
      multi_xml (~> 0.5)
      rack (~> 1.2)
    qiita (1.3.5)
      activesupport
      faraday (~> 0.9)
      faraday_middleware
      rack
      rainbow
      rouge
      slop (< 4.0.0)
    rack (1.6.10)
    rainbow (3.0.0)
    redcarpet (3.4.0)
    rouge (3.1.1)
    slop (3.6.0)
    thread_safe (0.3.6)
    trollop (2.1.3)
    tzinfo (1.2.5)
      thread_safe (~> 0.1)
    yaml-front-matter (0.0.1)

PLATFORMS
  ruby

DEPENDENCIES
  bitballoon
  filewatcher
  qiita
  rakyll!

BUNDLED WITH
   1.16.0.pre.3
