GIT
  remote: git://github.com/genya0407/rakyll.git
  revision: e16c08d3065ea08f2d2c7071d893290d827b3409
  ref: e16c08d3065ea08f2d2c7071d893290d827b3409
  specs:
    rakyll (0.1.1)
      redcarpet (~> 3.4)
      yaml-front-matter (~> 0.0.1)

GEM
  remote: https://rubygems.org/
  specs:
    activesupport (5.2.2.1)
      concurrent-ruby (~> 1.0, >= 1.0.2)
      i18n (>= 0.7, < 2)
      minitest (~> 5.1)
      tzinfo (~> 1.1)
    concurrent-ruby (1.1.5)
    faraday (0.15.4)
      multipart-post (>= 1.2, < 3)
    faraday_middleware (0.13.1)
      faraday (>= 0.7.4, < 1.0)
    i18n (1.6.0)
      concurrent-ruby (~> 1.0)
    minitest (5.11.3)
    multipart-post (2.0.0)
    qiita (1.3.5)
      activesupport
      faraday (~> 0.9)
      faraday_middleware
      rack
      rainbow
      rouge
      slop (< 4.0.0)
    rack (2.0.6)
    rainbow (3.0.0)
    redcarpet (3.4.0)
    rouge (3.3.0)
    slop (3.6.0)
    thread_safe (0.3.6)
    tzinfo (1.2.5)
      thread_safe (~> 0.1)
    yaml-front-matter (0.0.1)

PLATFORMS
  ruby

DEPENDENCIES
  qiita
  rakyll!

BUNDLED WITH
   1.17.0.pre.2
